GEM
  remote: https://rubygems.org/
  specs:
    diff-lcs (1.5.0)
    mini_exiftool (2.10.2)
    mini_magick (4.12.0)
    rspec (3.12.0)
      rspec-core (~> 3.12.0)
      rspec-expectations (~> 3.12.0)
      rspec-mocks (~> 3.12.0)
    rspec-core (3.12.0)
      rspec-support (~> 3.12.0)
    rspec-expectations (3.12.1)
      diff-lcs (>= 1.2.0, < 2.0)
      rspec-support (~> 3.12.0)
    rspec-mocks (3.12.1)
      diff-lcs (>= 1.2.0, < 2.0)
      rspec-support (~> 3.12.0)
    rspec-support (3.12.0)

PLATFORMS
  x86_64-linux

DEPENDENCIES
  mini_exiftool (~> 2.10)
  mini_magick (~> 4.12)
  rspec (~> 3.12.0)

BUNDLED WITH
   2.3.26
